GEM
  remote: http://ruby.taobao.org/
  specs:
    activesupport (2.3.18)
    bson (1.2.4)
    builder (3.2.2)
    chronic_duration (0.10.2)
      numerizer (~> 0.1.1)
    cucumber (1.3.10)
      builder (>= 2.1.2)
      diff-lcs (>= 1.1.3)
      gherkin (~> 2.12)
      multi_json (>= 1.7.5, < 2.0)
      multi_test (>= 0.0.2)
    diff-lcs (1.2.5)
    durran-validatable (2.0.1)
    gherkin (2.12.2-x86-mingw32)
      multi_json (~> 1.3)
    httparty (0.12.0)
      json (~> 1.8)
      multi_xml (>= 0.5.2)
    json (1.8.1)
    mongo (1.2.4)
      bson (>= 1.2.4)
    mongoid (1.9.5)
      activesupport (< 3.0.0)
      bson (~> 1.2.1)
      durran-validatable (>= 2.0.1)
      mongo (~> 1.2.1)
      will_paginate (< 2.9)
    multi_json (1.8.2)
    multi_test (0.0.2)
    multi_xml (0.5.5)
    numerizer (0.1.1)
    socksify (1.5.0)
    spec (5.0.19)
      chronic_duration (~> 0.10.2)
    thread (0.1.3)
    will_paginate (2.3.16)

PLATFORMS
  x86-mingw32

DEPENDENCIES
  cucumber
  httparty
  mongoid
  socksify
  spec
  thread
